PATH
  remote: .
  specs:
    nihil (0.1.1)

GEM
  remote: https://rubygems.org/
  specs:
    ast (2.4.2)
    json (2.6.3)
    language_server-protocol (3.17.0.3)
    minitest (5.25.4)
    parallel (1.22.1)
    parser (3.2.1.0)
      ast (~> 2.4.1)
    rainbow (3.1.1)
    rake (13.2.1)
    regexp_parser (2.9.0)
    rexml (3.2.6)
    rubocop (1.44.1)
      json (~> 2.3)
      parallel (~> 1.10)
      parser (>= 3.2.0.0)
      rainbow (>= 2.2.2, < 4.0)
      regexp_parser (>= 1.8, < 3.0)
      rexml (>= 3.2.5, < 4.0)
      rubocop-ast (>= 1.24.1, < 2.0)
      ruby-progressbar (~> 1.7)
      unicode-display_width (>= 2.4.0, < 3.0)
    rubocop-ast (1.26.0)
      parser (>= 3.2.1.0)
    rubocop-performance (1.15.2)
      rubocop (>= 1.7.0, < 2.0)
      rubocop-ast (>= 0.4.0)
    ruby-progressbar (1.11.0)
    standard (1.24.3)
      language_server-protocol (~> 3.17.0.2)
      rubocop (= 1.44.1)
      rubocop-performance (= 1.15.2)
    unicode-display_width (2.4.2)

PLATFORMS
  ruby
  x86_64-darwin-20

DEPENDENCIES
  minitest (~> 5.16)
  nihil!
  rake (~> 13.0)
  standard (~> 1.3)

BUNDLED WITH
   2.6.1
